PATH
  remote: .
  specs:
    top_100_rock_bands (0.1.0)

GEM
  remote: https://rubygems.org/
  specs:
    rake (12.3.3)

PLATFORMS
  ruby

DEPENDENCIES
  rake (~> 12.0)
  top_100_rock_bands!

BUNDLED WITH
   2.1.4
